GIT
  remote: git://github.com/mjc/json-schema.git
  revision: 8d996e117de4975df30122393544d0570fdcdde7
  branch: cache-normalized-uri
  specs:
    json-schema (2.5.1)
      addressable (~> 2.3.8)

GEM
  remote: https://rubygems.org/
  specs:
    addressable (2.3.8)
    benchmark-ips (2.7.2)
    ruby-progressbar (1.10.0)

PLATFORMS
  java
  ruby

DEPENDENCIES
  benchmark-ips
  json-schema!
  ruby-progressbar
