GIT
  remote: git://github.com/mjc/json-schema.git
  revision: b25cd15d24d1eba2f97d82f43b55935bafede266
  branch: cache-normalized-uri
  specs:
    json-schema (2.5.1)
      addressable (~> 2.3.8)

GEM
  remote: https://rubygems.org/
  specs:
    addressable (2.3.8)
    benchmark-ips (2.7.2)
    ruby-progressbar (1.7.5)

PLATFORMS
  java
  ruby

DEPENDENCIES
  benchmark-ips
  json-schema!
  ruby-progressbar
